GEM
  remote: https://rubygems.org/
  specs:
    ast (2.2.0)
    docker-api (1.28.0)
      excon (>= 0.38.0)
      json
    domain_name (0.5.20160310)
      unf (>= 0.0.5, < 1.0.0)
    event_emitter (0.2.5)
    excon (0.49.0)
    http-cookie (1.0.2)
      domain_name (~> 0.5)
    json (1.8.3)
    mime-types (2.99.1)
    mqtt (0.3.1)
    netrc (0.11.0)
    parser (2.3.1.0)
      ast (~> 2.2)
    powerpack (0.1.1)
    rainbow (2.1.0)
    rake (11.1.2)
    rest-client (1.8.0)
      http-cookie (>= 1.0.2, < 2.0)
      mime-types (>= 1.16, < 3.0)
      netrc (~> 0.7)
    rubocop (0.39.0)
      parser (>= 2.3.0.7, < 3.0)
      powerpack (~> 0.1)
      rainbow (>= 1.99.1, < 3.0)
      ruby-progressbar (~> 1.7)
      unicode-display_width (~> 1.0, >= 1.0.1)
    ruby-progressbar (1.8.0)
    unf (0.1.4)
      unf_ext
    unf_ext (0.0.7.2)
    unicode-display_width (1.0.3)
    websocket (1.2.3)
    websocket-client-simple (0.3.0)
      event_emitter
      websocket

PLATFORMS
  ruby

DEPENDENCIES
  docker-api
  mqtt
  rake
  rest-client
  rubocop
  websocket-client-simple

BUNDLED WITH
   1.11.2
