GEM
  remote: https://rubygems.org/
  specs:
    docker-api (1.26.2)
      excon (>= 0.38.0)
      json
    domain_name (0.5.20160128)
      unf (>= 0.0.5, < 1.0.0)
    event_emitter (0.2.5)
    excon (0.45.4)
    http-cookie (1.0.2)
      domain_name (~> 0.5)
    json (1.8.3)
    mime-types (2.99)
    mqtt (0.3.1)
    netrc (0.11.0)
    rest-client (1.8.0)
      http-cookie (>= 1.0.2, < 2.0)
      mime-types (>= 1.16, < 3.0)
      netrc (~> 0.7)
    unf (0.1.4)
      unf_ext
    unf_ext (0.0.7.2)
    websocket (1.2.2)
    websocket-client-simple (0.3.0)
      event_emitter
      websocket

PLATFORMS
  ruby

DEPENDENCIES
  docker-api
  mqtt
  rest-client
  websocket-client-simple

BUNDLED WITH
   1.11.2
