GEM
  remote: https://rubygems.org/
  specs:
    ast (2.4.0)
    docker-api (1.34.2)
      excon (>= 0.47.0)
      multi_json
    excon (0.71.0)
    faraday (0.15.4)
      multipart-post (>= 1.2, < 3)
    jaro_winkler (1.5.3)
    multi_json (1.13.1)
    multipart-post (2.1.1)
    parallel (1.17.0)
    parser (2.6.4.0)
      ast (~> 2.4.0)
    rainbow (3.0.0)
    rake (12.3.3)
    rubocop (0.74.0)
      jaro_winkler (~> 1.5.1)
      parallel (~> 1.10)
      parser (>= 2.6)
      rainbow (>= 2.2.2, < 4.0)
      ruby-progressbar (~> 1.7)
      unicode-display_width (>= 1.4.0, < 1.7)
    ruby-progressbar (1.10.1)
    unicode-display_width (1.6.0)

PLATFORMS
  ruby

DEPENDENCIES
  docker-api
  faraday
  rake
  rubocop

BUNDLED WITH
   2.0.1
